GEM
  remote: https://rubygems.org/
  specs:
    appium_console (2.8.1)
      appium_lib (~> 9, >= 9.8)
      awesome_print (~> 1.7)
      bond (~> 0.5)
      pry (~> 0.11.0)
      spec (~> 5.3, >= 5.3.1)
      thor (~> 0.19)
    appium_lib (9.14.2)
      appium_lib_core (~> 1.7.2)
      nokogiri (~> 1.8, >= 1.8.1)
      tomlrb (~> 1.1)
    appium_lib_core (1.7.2)
      faye-websocket (~> 0.10.0)
      selenium-webdriver (~> 3.5)
    awesome_print (1.8.0)
    bond (0.5.1)
    builder (3.2.3)
    childprocess (0.9.0)
      ffi (~> 1.0, >= 1.0.11)
    chronic_duration (0.10.6)
      numerizer (~> 0.1.1)
    coderay (1.1.2)
    cucumber (2.0.0)
      builder (>= 2.1.2)
      cucumber-core (~> 1.1.3)
      diff-lcs (>= 1.1.3)
      gherkin (~> 2.12)
      multi_json (>= 1.7.5, < 2.0)
      multi_test (>= 0.1.2)
    cucumber-core (1.1.3)
      gherkin (~> 2.12.0)
    diff-lcs (1.3)
    eventmachine (1.2.7)
    faye-websocket (0.10.7)
      eventmachine (>= 0.12.0)
      websocket-driver (>= 0.5.1)
    ffi (1.9.25)
    gherkin (2.12.2)
      multi_json (~> 1.3)
    method_source (0.9.0)
    mini_portile2 (2.8.0)
    multi_json (1.13.1)
    multi_test (0.1.2)
    nokogiri (1.13.9)
      mini_portile2 (~> 2.8.0)
      racc (~> 1.4)
    numerizer (0.1.1)
    pry (0.11.3)
      coderay (~> 1.1.0)
      method_source (~> 0.9.0)
    racc (1.6.0)
    rubyzip (1.2.1)
    selenium-webdriver (3.12.0)
      childprocess (~> 0.5)
      rubyzip (~> 1.2)
    spec (5.3.4)
      chronic_duration (~> 0.10.2)
    thor (0.20.0)
    tomlrb (1.2.7)
    websocket-driver (0.7.0)
      websocket-extensions (>= 0.1.0)
    websocket-extensions (0.1.3)

PLATFORMS
  ruby

DEPENDENCIES
  appium_console
  appium_lib
  cucumber (= 2.0.0)

BUNDLED WITH
   1.16.1
